GEM
  remote: https://rubygems.org/
  specs:
    faraday (0.8.8)
      multipart-post (~> 1.2.0)
    faraday_middleware (0.9.0)
      faraday (>= 0.7.4, < 0.9)
    hashie (2.0.5)
    kickscraper (0.1.1)
      faraday (>= 0.7, < 0.9)
      faraday_middleware (~> 0.8)
      hashie (~> 2)
      multi_json (~> 1.0, >= 1.0.3)
      uri-query_params
    mail (2.5.4)
      mime-types (~> 1.16)
      treetop (~> 1.4.8)
    mime-types (1.25)
    multi_json (1.8.2)
    multipart-post (1.2.0)
    polyglot (0.3.3)
    treetop (1.4.15)
      polyglot
      polyglot (>= 0.3.1)
    uri-query_params (0.7.0)

PLATFORMS
  ruby

DEPENDENCIES
  kickscraper (~> 0.1.1)
  mail (~> 2.5.4)
